PATH
  remote: ../../api
  specs:
    opentelemetry-api (0.0.0)

PATH
  remote: ../../sdk
  specs:
    opentelemetry-sdk (0.0.0)
      opentelemetry-api (~> 0.0)

PATH
  remote: .
  specs:
    opentelemetry-bridge-opentracing (0.0.0)
      opentelemetry-api (~> 0.0)
      opentracing (~> 0.5.0)

GEM
  remote: https://rubygems.org/
  specs:
    ast (2.4.0)
    docile (1.3.2)
    faraday (0.16.2)
      multipart-post (>= 1.2, < 3)
    jaro_winkler (1.5.3)
    json (2.2.0)
    minitest (5.12.2)
    multipart-post (2.1.1)
    opentracing (0.5.0)
    parallel (1.17.0)
    parser (2.6.4.1)
      ast (~> 2.4.0)
    rainbow (3.0.0)
    rake (12.3.3)
    rubocop (0.73.0)
      jaro_winkler (~> 1.5.1)
      parallel (~> 1.10)
      parser (>= 2.6)
      rainbow (>= 2.2.2, < 4.0)
      ruby-progressbar (~> 1.7)
      unicode-display_width (>= 1.4.0, < 1.7)
    ruby-progressbar (1.10.1)
    simplecov (0.17.1)
      docile (~> 1.1)
      json (>= 1.8, < 3)
      simplecov-html (~> 0.10.0)
    simplecov-html (0.10.2)
    unicode-display_width (1.6.0)
    yard (0.9.20)
    yard-doctest (0.1.17)
      minitest
      yard

PLATFORMS
  ruby

DEPENDENCIES
  bundler (>= 1.17)
  faraday (~> 0.13)
  minitest (~> 5.0)
  opentelemetry-api (~> 0.0)!
  opentelemetry-bridge-opentracing!
  opentelemetry-sdk (~> 0.0)!
  rake (~> 12.0)
  rubocop (~> 0.73.0)
  simplecov (~> 0.17)
  yard (~> 0.9)
  yard-doctest (~> 0.1.6)

BUNDLED WITH
   2.0.2
